PATH
  remote: .
  specs:
    vcl (1.1.4)
      bundler (~> 1.10)
      diffy (~> 3.0, >= 3.0.7)
      launchy (~> 2.4.3, >= 2.4.3)
      thor (~> 0.19.4)
      typhoeus (~> 1.1.0)

GEM
  remote: https://rubygems.org/
  specs:
    addressable (2.5.1)
      public_suffix (~> 2.0, >= 2.0.2)
    ast (2.3.0)
    diffy (3.0.7)
    ethon (0.9.1)
      ffi (>= 1.3.0)
    ffi (1.9.10)
    launchy (2.4.3)
      addressable (~> 2.3)
    parallel (1.12.0)
    parser (2.4.0.0)
      ast (~> 2.2)
    powerpack (0.1.1)
    public_suffix (2.0.5)
    rainbow (2.2.2)
      rake
    rake (12.0.0)
    rubocop (0.49.1)
      parallel (~> 1.10)
      parser (>= 2.3.3.1, < 3.0)
      powerpack (~> 0.1)
      rainbow (>= 1.99.1, < 3.0)
      ruby-progressbar (~> 1.7)
      unicode-display_width (~> 1.0, >= 1.0.1)
    ruby-progressbar (1.8.1)
    thor (0.19.4)
    typhoeus (1.1.0)
      ethon (>= 0.9.0)
    unicode-display_width (1.3.0)

PLATFORMS
  ruby

DEPENDENCIES
  rubocop
  vcl!

BUNDLED WITH
   1.15.4
